GEM
  remote: http://rubygems.org/
  specs:
    facets (2.9.0)
    git (1.2.5)
    jeweler (1.5.2)
      bundler (~> 1.0.0)
      git (>= 1.2.5)
      rake
    rake (0.8.7)
    rcov (0.9.9-java)

PLATFORMS
  java

DEPENDENCIES
  bundler
  facets (= 2.9.0)
  jeweler (~> 1.5.2)
  rcov
