GEM
  remote: http://rubygems.org/
  specs:
    addressable (2.4.0)
    array_include_methods (1.0.4)
    awesome_print (1.8.0)
    builder (3.2.4)
    concurrent-ruby (1.1.7)
    coveralls (0.8.23)
      json (>= 1.8, < 3)
      simplecov (~> 0.16.1)
      term-ansicolor (~> 1.3)
      thor (>= 0.19.4, < 2.0)
      tins (~> 1.6)
    descendants_tracker (0.0.4)
      thread_safe (~> 0.3, >= 0.3.1)
    diff-lcs (1.4.4)
    docile (1.3.4)
    facets (3.1.0)
    faraday (0.9.2)
      multipart-post (>= 1.2, < 3)
    git (1.8.1)
      rchardet (~> 1.8)
    github_api (0.16.0)
      addressable (~> 2.4.0)
      descendants_tracker (~> 0.0.4)
      faraday (~> 0.8, < 0.10)
      hashie (>= 3.4)
      mime-types (>= 1.16, < 3.0)
      oauth2 (~> 1.0)
    hashie (4.1.0)
    highline (2.0.3)
    jar-dependencies (0.4.1)
    jeweler (2.3.9)
      builder
      bundler
      git (>= 1.2.5)
      github_api (~> 0.16.0)
      highline (>= 1.6.15)
      nokogiri (>= 1.5.10)
      psych
      rake
      rdoc
      semver2
    json (2.5.1)
    json (2.5.1-java)
    jwt (2.2.2)
    mime-types (2.99.3)
    mini_portile2 (2.5.0)
    multi_json (1.15.0)
    multi_xml (0.6.0)
    multipart-post (2.1.1)
    nokogiri (1.11.1)
      mini_portile2 (~> 2.5.0)
      racc (~> 1.4)
    nokogiri (1.11.1-java)
      racc (~> 1.4)
    oauth2 (1.4.4)
      faraday (>= 0.8, < 2.0)
      jwt (>= 1.0, < 3.0)
      multi_json (~> 1.3)
      multi_xml (~> 0.5)
      rack (>= 1.2, < 3)
    pastel (0.8.0)
      tty-color (~> 0.5)
    psych (3.3.0)
    psych (3.3.0-java)
      jar-dependencies (>= 0.1.7)
    puts_debuggerer (0.10.2)
      awesome_print (~> 1.8.0)
    racc (1.5.2)
    racc (1.5.2-java)
    rack (2.2.3)
    rake (13.0.3)
    rake-tui (0.2.3)
      tty-prompt
    rchardet (1.8.0)
    rdoc (6.3.0)
    rspec (3.5.0)
      rspec-core (~> 3.5.0)
      rspec-expectations (~> 3.5.0)
      rspec-mocks (~> 3.5.0)
    rspec-core (3.5.4)
      rspec-support (~> 3.5.0)
    rspec-expectations (3.5.0)
      diff-lcs (>= 1.2.0, < 2.0)
      rspec-support (~> 3.5.0)
    rspec-mocks (3.5.0)
      diff-lcs (>= 1.2.0, < 2.0)
      rspec-support (~> 3.5.0)
    rspec-support (3.5.0)
    semver2 (3.4.2)
    simplecov (0.16.1)
      docile (~> 1.1)
      json (>= 1.8, < 3)
      simplecov-html (~> 0.10.0)
    simplecov-html (0.10.2)
    simplecov-lcov (0.7.0)
    sync (0.5.0)
    term-ansicolor (1.7.1)
      tins (~> 1.0)
    thor (1.0.1)
    thread_safe (0.3.6)
    thread_safe (0.3.6-java)
    tins (1.26.0)
      sync
    tty-color (0.6.0)
    tty-cursor (0.7.1)
    tty-prompt (0.23.0)
      pastel (~> 0.8)
      tty-reader (~> 0.8)
    tty-reader (0.9.0)
      tty-cursor (~> 0.7)
      tty-screen (~> 0.8)
      wisper (~> 2.0)
    tty-screen (0.8.1)
    wisper (2.0.1)

PLATFORMS
  java
  ruby

DEPENDENCIES
  array_include_methods (>= 1.0.4, < 2.0.0)
  concurrent-ruby (>= 1.1.7, < 2.0.0)
  coveralls
  facets (>= 3.1.0, < 4.0.0)
  jeweler (>= 2.0.0, < 3.0.0)
  puts_debuggerer (~> 0.10.0)
  rake (>= 10.1.0, < 14.0.0)
  rake-tui
  rdoc (>= 6.2.1, < 7.0.0)
  rspec (~> 3.5.0)
  rspec-mocks (~> 3.5.0)
  simplecov (~> 0.16.1)
  simplecov-lcov (~> 0.7.0)

BUNDLED WITH
   2.1.4
